GIT
  remote: git://github.com/cheezy/page-object.git
  revision: 81b42f36f1d1b281caa40c66bff711de393e5247
  specs:
    page-object (2.1.1)
      page_navigation (>= 0.9)
      selenium-webdriver (~> 3.0)
      watir (~> 6.0)

GIT
  remote: git://github.com/randym/axlsx.git
  revision: c8ac844572b25fda358cc01d2104720c4c42f450
  specs:
    axlsx (2.1.0.pre)
      htmlentities (~> 4.3.4)
      mimemagic (~> 0.3)
      nokogiri (>= 1.6.6)
      rubyzip (>= 1.2.1)

GIT
  remote: git://github.com/sparklemotion/mechanize.git
  revision: dd40ad27b835789585730028949cea71d4f9335b
  specs:
    mechanize (2.7.5)
      domain_name (~> 0.5, >= 0.5.1)
      http-cookie (~> 1.0)
      mime-types (>= 1.17.2)
      net-http-digest_auth (~> 1.1, >= 1.1.1)
      net-http-persistent (~> 2.5, >= 2.5.2)
      nokogiri (~> 1.6)
      ntlm-http (~> 0.1, >= 0.1.1)
      webrobots (>= 0.0.9, < 0.2)

GEM
  remote: https://rubygems.org/
  specs:
    archive-zip (0.7.0)
      io-like (~> 0.3.0)
    childprocess (0.7.1)
      ffi (~> 1.0, >= 1.0.11)
    chromedriver-helper (1.1.0)
      archive-zip (~> 0.7.0)
      nokogiri (~> 1.6)
    colorize (0.8.1)
    daemons (1.2.4)
    data_magic (1.0)
      faker (>= 1.1.2)
      yml_reader (>= 0.6)
    domain_name (0.5.20170404)
      unf (>= 0.0.5, < 1.0.0)
    erubi (1.6.1)
    eventmachine (1.2.3-x64-mingw32)
    eventmachine (1.2.3-x86-mingw32)
    faker (1.7.3)
      i18n (~> 0.5)
    fastercsv (1.5.5)
    ffi (1.9.18-x64-mingw32)
    ffi (1.9.18-x86-mingw32)
    htmlbeautifier (1.3.1)
    htmlentities (4.3.4)
    http-cookie (1.0.3)
      domain_name (~> 0.5)
    i18n (0.8.4)
    in_threads (1.4.0)
    io-like (0.3.0)
    mime-types (2.99.3)
    mimemagic (0.3.2)
    mini_portile2 (2.2.0)
    mustermann (1.0.0)
    mysql2 (0.4.6-x64-mingw32)
    mysql2 (0.4.6-x86-mingw32)
    net-http-digest_auth (1.4.1)
    net-http-persistent (2.9.4)
    net_http_ssl_fix (0.0.8)
    netrc (0.11.0)
    nokogiri (1.8.0-x64-mingw32)
      mini_portile2 (~> 2.2.0)
    nokogiri (1.8.0-x86-mingw32)
      mini_portile2 (~> 2.2.0)
    ntlm-http (0.1.1)
    page_navigation (0.10)
      data_magic (>= 0.22)
    rack (2.0.3)
    rack-protection (2.0.0)
      rack
    rake (12.0.0)
    rest-client (1.8.0-x64-mingw32)
      ffi (~> 1.9)
      http-cookie (>= 1.0.2, < 2.0)
      mime-types (>= 1.16, < 3.0)
      netrc (~> 0.7)
    rest-client (1.8.0-x86-mingw32)
      ffi (~> 1.9)
      http-cookie (>= 1.0.2, < 2.0)
      mime-types (>= 1.16, < 3.0)
      netrc (~> 0.7)
    roo (2.7.1)
      nokogiri (~> 1)
      rubyzip (~> 1.1, < 2.0.0)
    roo-xls (1.1.0)
      nokogiri
      roo (>= 2.0.0beta1, < 3)
      spreadsheet (> 0.9.0)
    ruby-ole (1.2.12.1)
    rubyzip (1.2.1)
    selenium-webdriver (3.4.3)
      childprocess (~> 0.5)
      rubyzip (~> 1.0)
    sequel (4.47.0)
    sinatra (2.0.0)
      mustermann (~> 1.0)
      rack (~> 2.0)
      rack-protection (= 2.0.0)
      tilt (~> 2.0)
    spreadsheet (1.1.4)
      ruby-ole (>= 1.0)
    thin (1.7.1)
      daemons (~> 1.0, >= 1.0.9)
      eventmachine (~> 1.0, >= 1.0.4)
      rack (>= 1, < 3)
    tilt (2.0.7)
    unf (0.1.4)
      unf_ext
    unf_ext (0.0.7.4-x64-mingw32)
    unf_ext (0.0.7.4-x86-mingw32)
    watir (6.3.0)
      selenium-webdriver (~> 3.0)
    webrobots (0.1.2)
    yml_reader (0.7)

PLATFORMS
  x64-mingw32
  x86-mingw32

DEPENDENCIES
  axlsx!
  chromedriver-helper (~> 1.1)
  colorize (~> 0.8.1)
  erubi
  fastercsv (~> 1.5, >= 1.5.5)
  htmlbeautifier
  in_threads (~> 1.4)
  mechanize!
  mysql2 (~> 0.4.6)
  net_http_ssl_fix
  page-object!
  rake (~> 12.0)
  rest-client (~> 1.8)
  roo (~> 2.7, >= 2.7.1)
  roo-xls
  sequel (~> 4.47)
  sinatra
  thin
  watir (~> 6.3)

BUNDLED WITH
   1.15.1
